GIT
  remote: git://github.com/tootsuite/mastodon-api.git
  revision: a3ff60a872191aa2f499a2b4c7a85045ead14e64
  specs:
    mastodon-api (1.1.0)
      addressable (~> 2.4)
      buftok
      http (~> 2.0)

GEM
  remote: https://rubygems.org/
  specs:
    addressable (2.5.2)
      public_suffix (>= 2.0.2, < 4.0)
    atk (3.2.1)
      glib2 (= 3.2.1)
    buftok (0.2.0)
    cairo (1.15.11)
      native-package-installer (>= 1.0.3)
      pkg-config (>= 1.2.2)
    cairo-gobject (3.2.1)
      cairo
      glib2 (= 3.2.1)
    domain_name (0.5.20170404)
      unf (>= 0.0.5, < 1.0.0)
    faraday (0.12.2)
      multipart-post (>= 1.2, < 3)
    gdk3 (3.2.1)
      cairo-gobject (= 3.2.1)
      gdk_pixbuf2 (= 3.2.1)
      gobject-introspection (= 3.2.1)
      pango (= 3.2.1)
    gdk_pixbuf2 (3.2.1)
      gio2 (= 3.2.1)
    gio2 (3.2.1)
      glib2 (= 3.2.1)
      gobject-introspection (= 3.2.1)
    glib2 (3.2.1)
      native-package-installer (>= 1.0.3)
      pkg-config (>= 1.2.2)
    gobject-introspection (3.2.1)
      glib2 (= 3.2.1)
    gtk3 (3.2.1)
      atk (= 3.2.1)
      gdk3 (= 3.2.1)
      gdk_pixbuf2 (= 3.2.1)
      gio2 (= 3.2.1)
      glib2 (= 3.2.1)
      gobject-introspection (= 3.2.1)
      pango (= 3.2.1)
    http (2.2.2)
      addressable (~> 2.3)
      http-cookie (~> 1.0)
      http-form_data (~> 1.0.1)
      http_parser.rb (~> 0.6.0)
    http-cookie (1.0.3)
      domain_name (~> 0.5)
    http-form_data (1.0.3)
    http_parser.rb (0.6.0)
    jwt (1.5.6)
    mechanize (2.7.5)
      domain_name (~> 0.5, >= 0.5.1)
      http-cookie (~> 1.0)
      mime-types (>= 1.17.2)
      net-http-digest_auth (~> 1.1, >= 1.1.1)
      net-http-persistent (~> 2.5, >= 2.5.2)
      nokogiri (~> 1.6)
      ntlm-http (~> 0.1, >= 0.1.1)
      webrobots (>= 0.0.9, < 0.2)
    mime-types (3.1)
      mime-types-data (~> 3.2015)
    mime-types-data (3.2016.0521)
    mini_portile2 (2.3.0)
    multi_json (1.12.2)
    multi_xml (0.6.0)
    multipart-post (2.0.0)
    native-package-installer (1.0.6)
    net-http-digest_auth (1.4.1)
    net-http-persistent (2.9.4)
    nokogiri (1.8.1)
      mini_portile2 (~> 2.3.0)
    ntlm-http (0.1.1)
    oauth2 (1.4.0)
      faraday (>= 0.8, < 0.13)
      jwt (~> 1.0)
      multi_json (~> 1.3)
      multi_xml (~> 0.5)
      rack (>= 1.2, < 3)
    pango (3.2.1)
      cairo (>= 1.14.0)
      cairo-gobject (= 3.2.1)
      gobject-introspection (= 3.2.1)
    parslet (1.8.1)
    pkg-config (1.2.8)
    public_suffix (3.0.1)
    rack (2.0.3)
    rake (12.3.0)
    toml (0.2.0)
      parslet (~> 1.8.0)
    unf (0.1.4)
      unf_ext
    unf_ext (0.0.7.4)
    webrobots (0.1.2)

PLATFORMS
  ruby

DEPENDENCIES
  gtk3
  mastodon-api!
  mechanize
  native-package-installer
  nokogiri
  oauth2
  pkg-config
  rake
  toml

BUNDLED WITH
   1.13.7
